GEM
  remote: https://rubygems.org/
  specs:
    activesupport (5.0.2)
      concurrent-ruby (~> 1.0, >= 1.0.2)
      i18n (~> 0.7)
      minitest (~> 5.1)
      tzinfo (~> 1.1)
    aws-sdk (2.8.11)
      aws-sdk-resources (= 2.8.11)
    aws-sdk-core (2.8.11)
      aws-sigv4 (~> 1.0)
      jmespath (~> 1.0)
    aws-sdk-resources (2.8.11)
      aws-sdk-core (= 2.8.11)
    aws-sigv4 (1.0.0)
    concurrent-ruby (1.0.5)
    hecks-adapters (0.1.5.6)
    hecks-adapters-dynamodb (0.1.5.6)
      aws-sdk (~> 2)
    hecks-application (0.1.5.6)
      hecks-adapters (= 0.1.5.6)
      hecks-domain (= 0.1.5.6)
    hecks-domain (0.1.5.6)
      activesupport (~> 5.0)
      thor (~> 0.19)
    i18n (0.8.1)
    jmespath (1.3.1)
    minitest (5.10.1)
    pizza_builder (0.0.1)
    thor (0.19.4)
    thread_safe (0.3.6)
    tzinfo (1.2.3)
      thread_safe (~> 0.1)

PLATFORMS
  ruby

DEPENDENCIES
  hecks-adapters (= 0.1.5.6)
  hecks-adapters-dynamodb (= 0.1.5.6)
  hecks-application (= 0.1.5.6)
  pizza_builder (= 0.0.1)
