GEM
  remote: https://rubygems.org/
  specs:
    activesupport (5.2.1)
      concurrent-ruby (~> 1.0, >= 1.0.2)
      i18n (>= 0.7, < 2)
      minitest (~> 5.1)
      tzinfo (~> 1.1)
    addressable (2.5.2)
      public_suffix (>= 2.0.2, < 4.0)
    aws-sdk (2.11.147)
      aws-sdk-resources (= 2.11.147)
    aws-sdk-core (2.11.147)
      aws-sigv4 (~> 1.0)
      jmespath (~> 1.0)
    aws-sdk-resources (2.11.147)
      aws-sdk-core (= 2.11.147)
    aws-sigv4 (1.0.3)
    concurrent-ruby (1.0.5)
    hecks-adapters-dynamodb (0.2.1)
      aws-sdk (~> 2)
    hecks-application (0.2.1)
      hecks-domain (= 0.2.1)
      hecks-memory-database (= 0.2.1)
    hecks-domain (0.2.1)
      activesupport (~> 5.0)
      thor (~> 0.19)
    hecks-memory-database (0.2.1)
    hecks-plugins-json-validator (0.2.1)
      json-schema (~> 2.5)
    i18n (1.1.0)
      concurrent-ruby (~> 1.0)
    jmespath (1.4.0)
    json-schema (2.8.0)
      addressable (>= 2.4)
    minitest (5.11.3)
    pizza_builder (0.2.1)
    public_suffix (3.0.3)
    thor (0.20.0)
    thread_safe (0.3.6)
    tzinfo (1.2.5)
      thread_safe (~> 0.1)

PLATFORMS
  ruby

DEPENDENCIES
  hecks-adapters-dynamodb (~> 0.1)
  hecks-application (~> 0.1)
  hecks-plugins-json-validator (~> 0.2)
  pizza_builder

BUNDLED WITH
   1.16.6
