GEM
  remote: https://rubygems.org/
  specs:
    activesupport (5.1.4)
      concurrent-ruby (~> 1.0, >= 1.0.2)
      i18n (~> 0.7)
      minitest (~> 5.1)
      tzinfo (~> 1.1)
    aws-sdk (2.10.87)
      aws-sdk-resources (= 2.10.87)
    aws-sdk-core (2.10.87)
      aws-sigv4 (~> 1.0)
      jmespath (~> 1.0)
    aws-sdk-resources (2.10.87)
      aws-sdk-core (= 2.10.87)
    aws-sigv4 (1.0.2)
    concurrent-ruby (1.0.5)
    hecks-adapters-dynamodb (0.2.0)
      aws-sdk (~> 2)
    hecks-application (0.2.0)
      hecks-domain (= 0.2.0)
      hecks-memory-database (= 0.2.0)
    hecks-domain (0.2.0)
      activesupport (~> 5.0)
      thor (~> 0.19)
    hecks-memory-database (0.2.0)
    i18n (0.9.1)
      concurrent-ruby (~> 1.0)
    jmespath (1.3.1)
    minitest (5.10.3)
    pizza_builder (0.0.0)
    thor (0.20.0)
    thread_safe (0.3.6)
    tzinfo (1.2.4)
      thread_safe (~> 0.1)

PLATFORMS
  ruby

DEPENDENCIES
  hecks-adapters-dynamodb (~> 0.1)
  hecks-application (~> 0.1)
  pizza_builder

BUNDLED WITH
   1.14.5
