GEM
  specs:
    activesupport (5.0.1)
      concurrent-ruby (~> 1.0, >= 1.0.2)
      i18n (~> 0.7)
      minitest (~> 5.1)
      tzinfo (~> 1.1)
    concurrent-ruby (1.0.5)
    hecks (0.1.0)
      activesupport (~> 5.0)
      hecks-adapters (~> 0.0)
      hecks-application (~> 0.0)
      hecks-domain (~> 0.0)
      thor (~> 0.19)
    hecks-adapters (0.0.1)
      hecks-adapters-resource-server (~> 0.0)
      hecks-adapters-sql-database (~> 0.0)
    hecks-adapters-resource-server (0.0.1)
      hecks-application (~> 0.0)
      sinatra (~> 1.4)
    hecks-adapters-sql-database (0.0.1)
      hecks-application (~> 0.0)
      mysql2 (~> 0.4)
      sequel (~> 4.43)
    hecks-application (0.0.1)
    hecks-domain (0.0.1)
      hecks-adapters-sql-database (~> 0.0)
    i18n (0.8.1)
    minitest (5.10.1)
    mysql2 (0.4.5)
    rack (1.6.5)
    rack-protection (1.5.3)
      rack
    sequel (4.43.0)
    sinatra (1.4.8)
      rack (~> 1.5)
      rack-protection (~> 1.4)
      tilt (>= 1.3, < 3)
    thor (0.19.4)
    thread_safe (0.3.6)
    tilt (2.0.6)
    tzinfo (1.2.2)
      thread_safe (~> 0.1)

PLATFORMS
  ruby

DEPENDENCIES
  hecks

BUNDLED WITH
   1.14.5
