PATH
  remote: .
  specs:
    hecks (0.2.1)
      hecks-adapters-dynamodb (= 0.2.1)
      hecks-adapters-resource-server (= 0.2.1)
      hecks-adapters-sql-database (= 0.2.1)
      hecks-application (= 0.2.1)
      hecks-domain (= 0.2.1)
      hecks-plugins-json-validator (= 0.2.1)
      thor (~> 0.10)
    hecks-application (0.2.1)
      hecks-domain (= 0.2.1)
      hecks-memory-database (= 0.2.1)
    hecks-domain (0.2.1)
      activesupport (~> 5.0)
      thor (~> 0.19)

GEM
  remote: https://rubygems.org/
  specs:
    activesupport (5.2.1)
      concurrent-ruby (~> 1.0, >= 1.0.2)
      i18n (>= 0.7, < 2)
      minitest (~> 5.1)
      tzinfo (~> 1.1)
    addressable (2.5.2)
      public_suffix (>= 2.0.2, < 4.0)
    aws-sdk (2.11.147)
      aws-sdk-resources (= 2.11.147)
    aws-sdk-core (2.11.147)
      aws-sigv4 (~> 1.0)
      jmespath (~> 1.0)
    aws-sdk-resources (2.11.147)
      aws-sdk-core (= 2.11.147)
    aws-sigv4 (1.0.3)
    codeclimate-test-reporter (1.0.7)
      simplecov
    coderay (1.1.2)
    concurrent-ruby (1.0.5)
    crack (0.4.3)
      safe_yaml (~> 1.0.0)
    diff-lcs (1.3)
    docile (1.3.1)
    ffi (1.9.25)
    formatador (0.2.5)
    guard (2.14.2)
      formatador (>= 0.2.4)
      listen (>= 2.7, < 4.0)
      lumberjack (>= 1.0.12, < 2.0)
      nenv (~> 0.1)
      notiffany (~> 0.0)
      pry (>= 0.9.12)
      shellany (~> 0.0)
      thor (>= 0.18.1)
    guard-compat (1.2.1)
    guard-rspec (4.7.3)
      guard (~> 2.1)
      guard-compat (~> 1.1)
      rspec (>= 2.99.0, < 4.0)
    hashdiff (0.3.7)
    hecks-adapters-dynamodb (0.2.1)
      aws-sdk (~> 2)
    hecks-adapters-resource-server (0.2.1)
      hecks-application (= 0.2.1)
      rack-test (~> 0.6)
      sinatra (~> 1.4)
    hecks-adapters-sql-database (0.2.1)
      hecks-application (= 0.2.1)
      mysql2 (~> 0.4)
      sequel (~> 4.43)
    hecks-memory-database (0.2.1)
    hecks-plugins-json-validator (0.2.1)
      json-schema (~> 2.5)
    i18n (1.1.0)
      concurrent-ruby (~> 1.0)
    jmespath (1.4.0)
    json (2.1.0)
    json-schema (2.8.0)
      addressable (>= 2.4)
    listen (3.1.5)
      rb-fsevent (~> 0.9, >= 0.9.4)
      rb-inotify (~> 0.9, >= 0.9.7)
      ruby_dep (~> 1.2)
    lumberjack (1.0.13)
    method_source (0.9.0)
    minitest (5.11.3)
    mysql2 (0.5.2)
    nenv (0.3.0)
    notiffany (0.1.1)
      nenv (~> 0.1)
      shellany (~> 0.0)
    pry (0.11.3)
      coderay (~> 1.1.0)
      method_source (~> 0.9.0)
    public_suffix (3.0.3)
    rack (1.6.10)
    rack-protection (1.5.5)
      rack
    rack-test (0.8.3)
      rack (>= 1.0, < 3)
    rb-fsevent (0.10.3)
    rb-inotify (0.9.10)
      ffi (>= 0.5.0, < 2)
    rspec (3.8.0)
      rspec-core (~> 3.8.0)
      rspec-expectations (~> 3.8.0)
      rspec-mocks (~> 3.8.0)
    rspec-core (3.8.0)
      rspec-support (~> 3.8.0)
    rspec-expectations (3.8.2)
      diff-lcs (>= 1.2.0, < 2.0)
      rspec-support (~> 3.8.0)
    rspec-mocks (3.8.0)
      diff-lcs (>= 1.2.0, < 2.0)
      rspec-support (~> 3.8.0)
    rspec-support (3.8.0)
    ruby_dep (1.5.0)
    safe_yaml (1.0.4)
    sequel (4.49.0)
    shellany (0.0.1)
    simplecov (0.16.1)
      docile (~> 1.1)
      json (>= 1.8, < 3)
      simplecov-html (~> 0.10.0)
    simplecov-html (0.10.2)
    sinatra (1.4.8)
      rack (~> 1.5)
      rack-protection (~> 1.4)
      tilt (>= 1.3, < 3)
    thor (0.20.0)
    thread_safe (0.3.6)
    tilt (2.0.8)
    tzinfo (1.2.5)
      thread_safe (~> 0.1)
    vcr (3.0.3)
    webmock (2.3.2)
      addressable (>= 2.3.6)
      crack (>= 0.3.2)
      hashdiff

PLATFORMS
  ruby

DEPENDENCIES
  codeclimate-test-reporter (~> 1.0)
  guard-rspec (~> 4.7)
  hecks!
  pry (~> 0.10)
  rack-test (~> 0.6)
  rspec (~> 3.8)
  simplecov (~> 0.12)
  vcr (~> 3.0)
  webmock (~> 2.3)

BUNDLED WITH
   1.16.6
