PATH
  remote: .
  specs:
    hecks (0.0.0)
      mysql2
      sequel
      thor (~> 0.19)

GEM
  remote: https://rubygems.org/
  specs:
    mysql2 (0.4.4)
    sequel (4.40.0)
    thor (0.19.1)

PLATFORMS
  ruby

DEPENDENCIES
  hecks!

BUNDLED WITH
   1.11.2
