GEM
  remote: https://rubygems.org/
  specs:
    activesupport (5.0.2)
      concurrent-ruby (~> 1.0, >= 1.0.2)
      i18n (~> 0.7)
      minitest (~> 5.1)
      tzinfo (~> 1.1)
    concurrent-ruby (1.0.5)
    hecks-adapters (0.1.16.rc)
      hecks-adapters-resource-server (= 0.1.16.rc)
      hecks-adapters-sql-database (= 0.1.16.rc)
    hecks-adapters-resource-server (0.1.16.rc)
      hecks-application (= 0.1.16.rc)
      rack-test (~> 0.6)
      sinatra (~> 1.4)
    hecks-adapters-sql-database (0.1.16.rc)
      hecks-application (= 0.1.16.rc)
      mysql2 (= 0.3.18)
      sequel (~> 4.43)
    hecks-application (0.1.16.rc)
      hecks-domain (= 0.1.16.rc)
    hecks-domain (0.1.16.rc)
      activesupport (~> 5.0)
      thor (~> 0.19)
    i18n (0.8.1)
    minitest (5.10.1)
    mysql2 (0.3.18)
    pizza_builder (0.0.0)
    rack (1.6.5)
    rack-protection (1.5.3)
      rack
    rack-test (0.6.3)
      rack (>= 1.0)
    sequel (4.44.0)
    sinatra (1.4.8)
      rack (~> 1.5)
      rack-protection (~> 1.4)
      tilt (>= 1.3, < 3)
    thor (0.19.4)
    thread_safe (0.3.6)
    tilt (2.0.6)
    tzinfo (1.2.2)
      thread_safe (~> 0.1)

PLATFORMS
  ruby

DEPENDENCIES
  hecks-adapters (= 0.1.16.rc)
  pizza_builder
