PATH
  remote: .
  specs:
    pizza_server_x_hexagon (0.0.0)
      activerecord (~> 5.0)
      dry-validation (~> 0.9)
      json (~> 2.0)
      pizzas_domain (~> 0.0)
      sinatra (~> 1.4)

GEM
  specs:
    activemodel (5.0.0.1)
      activesupport (= 5.0.0.1)
    activerecord (5.0.0.1)
      activemodel (= 5.0.0.1)
      activesupport (= 5.0.0.1)
      arel (~> 7.0)
    activesupport (5.0.0.1)
      concurrent-ruby (~> 1.0, >= 1.0.2)
      i18n (~> 0.7)
      minitest (~> 5.1)
      tzinfo (~> 1.1)
    arel (7.1.1)
    coderay (1.1.1)
    concurrent-ruby (1.0.2)
    diff-lcs (1.2.5)
    docile (1.1.5)
    dry-configurable (0.1.7)
      concurrent-ruby (~> 1.0)
    dry-container (0.4.0)
      concurrent-ruby (~> 1.0)
      dry-configurable (~> 0.1, >= 0.1.3)
    dry-equalizer (0.2.0)
    dry-logic (0.3.0)
      dry-container (~> 0.2, >= 0.2.6)
      dry-equalizer (~> 0.2)
    dry-monads (0.1.1)
      dry-equalizer
    dry-types (0.8.1)
      concurrent-ruby (~> 1.0)
      dry-configurable (~> 0.1)
      dry-container (~> 0.3)
      dry-equalizer (~> 0.2)
      dry-logic (~> 0.3, >= 0.3.0)
      dry-monads (>= 0.0.1)
      ice_nine (~> 0.11)
      inflecto (~> 0.0.0, >= 0.0.2)
    dry-validation (0.9.5)
      concurrent-ruby (~> 1.0)
      dry-configurable (~> 0.1, >= 0.1.3)
      dry-container (~> 0.2, >= 0.2.8)
      dry-equalizer (~> 0.2)
      dry-logic (~> 0.3, >= 0.3.0)
      dry-types (~> 0.8, >= 0.8.1)
    ffi (1.9.14)
    formatador (0.2.5)
    guard (2.14.0)
      formatador (>= 0.2.4)
      listen (>= 2.7, < 4.0)
      lumberjack (~> 1.0)
      nenv (~> 0.1)
      notiffany (~> 0.0)
      pry (>= 0.9.12)
      shellany (~> 0.0)
      thor (>= 0.18.1)
    guard-compat (1.2.1)
    guard-rspec (4.7.3)
      guard (~> 2.1)
      guard-compat (~> 1.1)
      rspec (>= 2.99.0, < 4.0)
    i18n (0.7.0)
    ice_nine (0.11.2)
    inflecto (0.0.2)
    json (2.0.2)
    listen (3.1.5)
      rb-fsevent (~> 0.9, >= 0.9.4)
      rb-inotify (~> 0.9, >= 0.9.7)
      ruby_dep (~> 1.2)
    lumberjack (1.0.10)
    method_source (0.8.2)
    minitest (5.9.0)
    nenv (0.3.0)
    notiffany (0.1.1)
      nenv (~> 0.1)
      shellany (~> 0.0)
    pizzas_domain (0.0.0)
    pry (0.10.4)
      coderay (~> 1.1.0)
      method_source (~> 0.8.1)
      slop (~> 3.4)
    rack (1.6.4)
    rack-protection (1.5.3)
      rack
    rack-test (0.6.3)
      rack (>= 1.0)
    rb-fsevent (0.9.7)
    rb-inotify (0.9.7)
      ffi (>= 0.5.0)
    rspec (3.5.0)
      rspec-core (~> 3.5.0)
      rspec-expectations (~> 3.5.0)
      rspec-mocks (~> 3.5.0)
    rspec-core (3.5.3)
      rspec-support (~> 3.5.0)
    rspec-expectations (3.5.0)
      diff-lcs (>= 1.2.0, < 2.0)
      rspec-support (~> 3.5.0)
    rspec-mocks (3.5.0)
      diff-lcs (>= 1.2.0, < 2.0)
      rspec-support (~> 3.5.0)
    rspec-support (3.5.0)
    ruby_dep (1.4.0)
    shellany (0.0.1)
    simplecov (0.12.0)
      docile (~> 1.1.0)
      json (>= 1.8, < 3)
      simplecov-html (~> 0.10.0)
    simplecov-html (0.10.0)
    sinatra (1.4.7)
      rack (~> 1.5)
      rack-protection (~> 1.4)
      tilt (>= 1.3, < 3)
    slop (3.6.0)
    thor (0.19.1)
    thread_safe (0.3.5)
    tilt (2.0.5)
    tzinfo (1.2.2)
      thread_safe (~> 0.1)

PLATFORMS
  ruby

DEPENDENCIES
  guard-rspec (~> 4.7)
  pizza_server_x_hexagon!
  pry (~> 0.10)
  rack-test (~> 0.6.3)
  rspec (~> 3.5)
  simplecov (~> 0.12)

BUNDLED WITH
   1.11.2
