GEM
  remote: https://rubygems.org/
  specs:
    activesupport (5.0.2)
      concurrent-ruby (~> 1.0, >= 1.0.2)
      i18n (~> 0.7)
      minitest (~> 5.1)
      tzinfo (~> 1.1)
    aws-sdk (2.9.7)
      aws-sdk-resources (= 2.9.7)
    aws-sdk-core (2.9.7)
      aws-sigv4 (~> 1.0)
      jmespath (~> 1.0)
    aws-sdk-resources (2.9.7)
      aws-sdk-core (= 2.9.7)
    aws-sigv4 (1.0.0)
    concurrent-ruby (1.0.5)
    hecks-adapters-dynamodb (0.1.14)
      aws-sdk (~> 2)
    hecks-application (0.1.14)
      hecks-domain (= 0.1.14)
      hecks-events (= 0.1.14)
      hecks-logger (= 0.1.14)
      hecks-memory-database (= 0.1.14)
      hecks-validator (= 0.1.14)
    hecks-domain (0.1.14)
      activesupport (~> 5.0)
      thor (~> 0.19)
    hecks-events (0.1.14)
    hecks-logger (0.1.14)
    hecks-memory-database (0.1.14)
    hecks-validator (0.1.14)
    i18n (0.8.1)
    jmespath (1.3.1)
    minitest (5.10.1)
    pizza_builder (0.0.1)
    thor (0.19.4)
    thread_safe (0.3.6)
    tzinfo (1.2.3)
      thread_safe (~> 0.1)

PLATFORMS
  ruby

DEPENDENCIES
  hecks-adapters-dynamodb (~> 0.1)
  hecks-application (~> 0.1)
  pizza_builder (= 0.0.1)

BUNDLED WITH
   1.14.5
